GEM
  remote: https://rubygems.org/
  specs:
    beefcake (1.0.0)
    cert_validator (0.0.1)
    diff-lcs (1.2.5)
    i18n (0.6.11)
    innertube (1.0.2)
    multi_json (1.10.1)
    riak-client (2.1.0)
      beefcake (~> 1.0)
      cert_validator (~> 0.0.1)
      i18n (>= 0.4.0)
      innertube (~> 1.0.2)
      multi_json (~> 1.0)
    rspec (3.1.0)
      rspec-core (~> 3.1.0)
      rspec-expectations (~> 3.1.0)
      rspec-mocks (~> 3.1.0)
    rspec-core (3.1.7)
      rspec-support (~> 3.1.0)
    rspec-expectations (3.1.2)
      diff-lcs (>= 1.2.0, < 2.0)
      rspec-support (~> 3.1.0)
    rspec-mocks (3.1.3)
      rspec-support (~> 3.1.0)
    rspec-support (3.1.2)

PLATFORMS
  ruby

DEPENDENCIES
  riak-client
  rspec
